GIT
  remote: https://github.com/mitchellh/vagrant.git
  revision: c1e0504c66fb194092dd8e6f4cacf594405f8216
  ref: c1e0504c66fb194092dd8e6f4cacf594405f8216
  specs:
    vagrant (0.7.0.beta2.dev)
      archive-tar-minitar (= 0.5.2)
      erubis (~> 2.6.6)
      i18n (~> 0.4.1)
      json (~> 1.4.6)
      mario (~> 0.0.6)
      net-scp (~> 1.0.3)
      net-ssh (~> 2.0.23)
      thor (~> 0.14.2)
      virtualbox (~> 0.8.0)

GEM
  remote: http://rubygems.org/
  specs:
    abstract (1.0.0)
    archive-tar-minitar (0.5.2)
    erubis (2.6.6)
      abstract (>= 1.0.0)
    ffi (0.6.3)
      rake (>= 0.8.7)
    i18n (0.4.2)
    json (1.4.6)
    mario (0.0.6)
    net-scp (1.0.4)
      net-ssh (>= 1.99.1)
    net-ssh (2.0.23)
    rake (0.8.7)
    thor (0.14.6)
    virtualbox (0.8.0)
      ffi (~> 0.6.3)

PLATFORMS
  ruby

DEPENDENCIES
  vagrant!
